PATH
  remote: .
  specs:
    xcodebuild-rb (0.2.0)
      state_machine (~> 1.1.2)

GEM
  remote: https://rubygems.org/
  specs:
    diff-lcs (1.1.3)
    ffi (1.0.11)
    growl (1.0.3)
    guard (1.0.0)
      ffi (>= 0.5.0)
      thor (~> 0.14.6)
    guard-rspec (0.6.0)
      guard (>= 0.10.0)
    json (1.6.5)
    rake (12.3.3)
    rdoc (3.12)
      json (~> 1.4)
    rspec (2.8.0)
      rspec-core (~> 2.8.0)
      rspec-expectations (~> 2.8.0)
      rspec-mocks (~> 2.8.0)
    rspec-core (2.8.0)
    rspec-expectations (2.8.0)
      diff-lcs (~> 1.1.2)
    rspec-mocks (2.8.0)
    state_machine (1.1.2)
    thor (0.14.6)
    timecop (0.3.5)

PLATFORMS
  ruby

DEPENDENCIES
  growl
  guard-rspec
  rake (~> 12.3.3)
  rdoc (~> 3.12)
  rspec
  timecop
  xcodebuild-rb!
